GEM
  remote: http://rubygems.org/
  specs:
    builder (3.2.2)
    excon (0.27.6)
    fog (1.16.0)
      builder
      excon (~> 0.27.0)
      formatador (~> 0.2.0)
      mime-types
      multi_json (~> 1.0)
      net-scp (~> 1.1)
      net-ssh (>= 2.1.3)
      nokogiri (~> 1.5)
      ruby-hmac
      unicode (~> 0.4.4)
    formatador (0.2.4)
    mime-types (1.25)
    mini_portile (0.5.1)
    multi_json (1.8.2)
    net-scp (1.1.2)
      net-ssh (>= 2.6.5)
    net-ssh (2.7.0)
    nokogiri (1.6.0)
      mini_portile (~> 0.5.0)
    ruby-hmac (0.4.0)
    unicode (0.4.4)

PLATFORMS
  ruby

DEPENDENCIES
  fog
